GEM
  remote: https://rubygems.org/
  specs:
    CoffeeTags (0.5.0)
    celluloid (0.16.0)
      timers (~> 4.0.0)
    coderay (1.1.0)
    erubis (2.7.0)
    ffi (1.9.4)
    formatador (0.2.5)
    guard (2.6.1)
      formatador (>= 0.2.4)
      listen (~> 2.7)
      lumberjack (~> 1.0)
      pry (>= 0.9.12)
      thor (>= 0.18.1)
    guard-ctags-bundler (1.1.0)
      guard (~> 2.0)
    haml (4.1.0.beta.1)
      tilt
    hitimes (1.2.2)
    hpricot (0.8.6)
    html2haml (1.0.1)
      erubis (~> 2.7.0)
      haml (>= 4.0.0.rc.1)
      hpricot (~> 0.8.6)
      ruby_parser (~> 3.1.1)
    listen (2.7.9)
      celluloid (>= 0.15.2)
      rb-fsevent (>= 0.9.3)
      rb-inotify (>= 0.9)
    lumberjack (1.0.9)
    method_source (0.8.2)
    paint (0.8.7)
    pry (0.10.1)
      coderay (~> 1.1.0)
      method_source (~> 0.8.1)
      slop (~> 3.4)
    rb-fsevent (0.9.4)
    rb-inotify (0.9.5)
      ffi (>= 0.5.0)
    rcodetools (0.8.5.0)
    ruby_parser (3.1.3)
      sexp_processor (~> 4.1)
    sexp_processor (4.4.4)
    slop (3.6.0)
    thor (0.19.1)
    tilt (2.0.1)
    timers (4.0.1)
      hitimes
    wirb (1.0.3)
      paint (~> 0.8)

PLATFORMS
  ruby

DEPENDENCIES
  CoffeeTags
  guard
  guard-ctags-bundler
  haml
  hpricot
  html2haml
  rcodetools
  wirb
